GIT
  remote: https://github.com/spree-contrib/spree_multi_vendor.git
  revision: d4f9184182991c6749d2b8b59d9ec729d7c3b33e
  specs:
    spree_multi_vendor (1.5.2)
      deface (~> 1.0)
      spree_backend (>= 3.7.0, < 5.0)
      spree_core (>= 3.7.0, < 5.0)
      spree_extension

GIT
  remote: https://github.com/tcocca/acts_as_follower.git
  revision: c5ac7b9601c4af01eb4d9112330b27be4d694ecc
  branch: master
  specs:
    acts_as_follower (0.2.1)
      activerecord (>= 4.0)

GEM
  remote: https://code.stripe.com/
  remote: https://rubygems.org/
  specs:
    actioncable (5.2.4.3)
      actionpack (= 5.2.4.3)
      nio4r (~> 2.0)
      websocket-driver (>= 0.6.1)
    actionmailer (5.2.4.3)
      actionpack (= 5.2.4.3)
      actionview (= 5.2.4.3)
      activejob (= 5.2.4.3)
      mail (~> 2.5, >= 2.5.4)
      rails-dom-testing (~> 2.0)
    actionpack (5.2.4.3)
      actionview (= 5.2.4.3)
      activesupport (= 5.2.4.3)
      rack (~> 2.0, >= 2.0.8)
      rack-test (>= 0.6.3)
      rails-dom-testing (~> 2.0)
      rails-html-sanitizer (~> 1.0, >= 1.0.2)
    actionview (5.2.4.3)
      activesupport (= 5.2.4.3)
      builder (~> 3.1)
      erubi (~> 1.4)
      rails-dom-testing (~> 2.0)
      rails-html-sanitizer (~> 1.0, >= 1.0.3)
    activeadmin (2.7.0)
      arbre (~> 1.2, >= 1.2.1)
      formtastic (~> 3.1)
      formtastic_i18n (~> 0.4)
      inherited_resources (~> 1.7)
      jquery-rails (~> 4.2)
      kaminari (~> 1.0, >= 1.0.1)
      railties (>= 5.2, < 6.1)
      ransack (~> 2.1, >= 2.1.1)
      sassc-rails (~> 2.1)
      sprockets (>= 3.0, < 4.1)
    activejob (5.2.4.3)
      activesupport (= 5.2.4.3)
      globalid (>= 0.3.6)
    activemerchant (1.107.4)
      activesupport (>= 4.2)
      builder (>= 2.1.2, < 4.0.0)
      i18n (>= 0.6.9)
      nokogiri (~> 1.4)
    activemodel (5.2.4.3)
      activesupport (= 5.2.4.3)
    activerecord (5.2.4.3)
      activemodel (= 5.2.4.3)
      activesupport (= 5.2.4.3)
      arel (>= 9.0)
    activestorage (5.2.4.3)
      actionpack (= 5.2.4.3)
      activerecord (= 5.2.4.3)
      marcel (~> 0.3.1)
    activestorage-validator (0.1.3)
      rails (>= 5.2.0)
    activesupport (5.2.4.3)
      concurrent-ruby (~> 1.0, >= 1.0.2)
      i18n (>= 0.7, < 2)
      minitest (~> 5.1)
      tzinfo (~> 1.1)
    acts-as-taggable-on (6.0.0)
      activerecord (~> 5.0)
    acts_as_list (0.9.19)
      activerecord (>= 3.0)
    addressable (2.7.0)
      public_suffix (>= 2.0.2, < 5.0)
    arbre (1.2.1)
      activesupport (>= 3.0.0)
    arel (9.0.0)
    autoprefixer-rails (9.8.6.3)
      execjs
    awesome_nested_set (3.2.1)
      activerecord (>= 4.0.0, < 7.0)
    aws-eventstream (1.1.0)
    aws-partitions (1.364.0)
    aws-sdk-core (3.105.0)
      aws-eventstream (~> 1, >= 1.0.2)
      aws-partitions (~> 1, >= 1.239.0)
      aws-sigv4 (~> 1.1)
      jmespath (~> 1.0)
    aws-sdk-kms (1.37.0)
      aws-sdk-core (~> 3, >= 3.99.0)
      aws-sigv4 (~> 1.1)
    aws-sdk-s3 (1.79.1)
      aws-sdk-core (~> 3, >= 3.104.3)
      aws-sdk-kms (~> 1)
      aws-sigv4 (~> 1.1)
    aws-sigv4 (1.2.2)
      aws-eventstream (~> 1, >= 1.0.2)
    bcrypt (3.1.15)
    bindex (0.8.1)
    bootstrap (5.0.0.alpha1)
      autoprefixer-rails (>= 9.1.0)
      popper_js (>= 1.14.3, < 2)
      sassc-rails (>= 2.0.0)
    bootstrap-sass (3.4.1)
      autoprefixer-rails (>= 5.2.1)
      sassc (>= 2.0.0)
    builder (3.2.4)
    byebug (11.1.3)
    camertron-eprun (1.1.1)
    cancancan (2.3.0)
    canonical-rails (0.2.9)
      rails (>= 4.1, < 6.1)
    capybara (2.18.0)
      addressable
      mini_mime (>= 0.1.3)
      nokogiri (>= 1.3.3)
      rack (>= 1.0.0)
      rack-test (>= 0.5.4)
      xpath (>= 2.0, < 4.0)
    carmen (1.0.2)
      activesupport (>= 3.0.0)
    childprocess (3.0.0)
    cldr-plurals-runtime-rb (1.0.1)
    climate_control (0.2.0)
    cocoon (1.2.14)
    coffee-rails (4.2.2)
      coffee-script (>= 2.2.0)
      railties (>= 4.0.0)
    coffee-script (2.4.1)
      coffee-script-source
      execjs
    coffee-script-source (1.12.2)
    concurrent-ruby (1.1.7)
    connection_pool (2.2.3)
    countries (2.1.4)
      i18n_data (~> 0.8.0)
      money (~> 6.9)
      sixarm_ruby_unaccent (~> 1.1)
      unicode_utils (~> 1.4)
    country_select (3.1.1)
      countries (~> 2.0)
      sort_alphabetical (~> 1.0)
    crass (1.0.6)
    css_parser (1.7.1)
      addressable
    deface (1.5.3)
      nokogiri (>= 1.6)
      polyglot
      rails (>= 4.1)
      rainbow (>= 2.1.0)
    devise (4.6.2)
      bcrypt (~> 3.0)
      orm_adapter (~> 0.1)
      railties (>= 4.1.0, < 6.0)
      responders
      warden (~> 1.2.3)
    devise-encryptable (0.2.0)
      devise (>= 2.1.0)
    doorkeeper (5.4.0)
      railties (>= 5)
    emoji (1.0.7)
      json
    erubi (1.9.0)
    execjs (2.7.0)
    faraday (0.17.3)
      multipart-post (>= 1.2, < 3)
    fast_jsonapi (1.5)
      activesupport (>= 4.2)
    ffaker (2.16.0)
    ffi (1.13.1)
    figaro (1.2.0)
      thor (>= 0.14.0, < 2)
    formtastic (3.1.5)
      actionpack (>= 3.2.13)
    formtastic_i18n (0.6.0)
    friendly_id (5.2.5)
      activerecord (>= 4.0.0)
    get_process_mem (0.2.7)
      ffi (~> 1.0)
    globalid (0.4.2)
      activesupport (>= 4.2.0)
    gon (6.3.2)
      actionpack (>= 3.0.20)
      i18n (>= 0.7)
      multi_json
      request_store (>= 1.0)
    has_scope (0.7.2)
      actionpack (>= 4.1)
      activesupport (>= 4.1)
    hashie (4.1.0)
    highline (2.0.3)
    htmlentities (4.3.4)
    i18n (1.8.5)
      concurrent-ruby (~> 1.0)
    i18n_data (0.8.0)
    inherited_resources (1.11.0)
      actionpack (>= 5.0, < 6.1)
      has_scope (~> 0.6)
      railties (>= 5.0, < 6.1)
      responders (>= 2, < 4)
    jbuilder (2.10.0)
      activesupport (>= 5.0.0)
    jmespath (1.4.0)
    jquery-rails (4.4.0)
      rails-dom-testing (>= 1, < 3)
      railties (>= 4.2.0)
      thor (>= 0.14, < 2.0)
    jquery-ui-rails (6.0.1)
      railties (>= 3.2.16)
    json (2.3.1)
    jwt (2.2.2)
    kaminari (1.0.1)
      activesupport (>= 4.1.0)
      kaminari-actionview (= 1.0.1)
      kaminari-activerecord (= 1.0.1)
      kaminari-core (= 1.0.1)
    kaminari-actionview (1.0.1)
      actionview
      kaminari-core (= 1.0.1)
    kaminari-activerecord (1.0.1)
      activerecord
      kaminari-core (= 1.0.1)
    kaminari-core (1.0.1)
    libv8 (8.4.255.0)
    listen (3.1.5)
      rb-fsevent (~> 0.9, >= 0.9.4)
      rb-inotify (~> 0.9, >= 0.9.7)
      ruby_dep (~> 1.2)
    loofah (2.7.0)
      crass (~> 1.0.2)
      nokogiri (>= 1.5.9)
    mail (2.7.1)
      mini_mime (>= 0.1.1)
    make_permalink (0.2.0)
      stringex (~> 1.3.0)
    marcel (0.3.3)
      mimemagic (~> 0.3.2)
    method_source (1.0.0)
    mime-types (3.3.1)
      mime-types-data (~> 3.2015)
    mime-types-data (3.2020.0512)
    mimemagic (0.3.5)
    mini_magick (4.9.5)
    mini_mime (1.0.2)
    mini_portile2 (2.4.0)
    mini_racer (0.3.1)
      libv8 (~> 8.4.255)
    minitest (5.14.2)
    monetize (1.9.4)
      money (~> 6.12)
    money (6.13.8)
      i18n (>= 0.6.4, <= 2)
    multi_json (1.15.0)
    multi_xml (0.6.0)
    multipart-post (2.1.1)
    net-http-persistent (3.1.0)
      connection_pool (~> 2.2)
    nio4r (2.5.2)
    nokogiri (1.10.10)
      mini_portile2 (~> 2.4.0)
    oauth2 (1.4.4)
      faraday (>= 0.8, < 2.0)
      jwt (>= 1.0, < 3.0)
      multi_json (~> 1.3)
      multi_xml (~> 0.5)
      rack (>= 1.2, < 3)
    omniauth (1.9.1)
      hashie (>= 3.4.6)
      rack (>= 1.6.2, < 3)
    omniauth-oauth2 (1.7.0)
      oauth2 (~> 1.4)
      omniauth (~> 1.9)
    omniauth-stripe-connect (2.10.1)
      omniauth (~> 1.3)
      omniauth-oauth2 (~> 1.4)
    orm_adapter (0.5.0)
    paperclip (6.1.0)
      activemodel (>= 4.2.0)
      activesupport (>= 4.2.0)
      mime-types
      mimemagic (~> 0.3.0)
      terrapin (~> 0.6.0)
    paranoia (2.4.2)
      activerecord (>= 4.0, < 6.1)
    pg (0.18.4)
    polyglot (0.3.5)
    popper_js (1.16.0)
    premailer (1.12.1)
      addressable
      css_parser (>= 1.6.0)
      htmlentities (>= 4.0.0)
    premailer-rails (1.11.1)
      actionmailer (>= 3)
      premailer (~> 1.7, >= 1.7.9)
    public_suffix (4.0.6)
    puma (3.12.6)
    puma_worker_killer (0.3.0)
      get_process_mem (~> 0.2)
      puma (>= 2.7, < 5)
    rabl (0.13.1)
      activesupport (>= 2.3.14)
    rack (2.2.3)
    rack-test (1.1.0)
      rack (>= 1.0, < 3)
    rails (5.2.4.3)
      actioncable (= 5.2.4.3)
      actionmailer (= 5.2.4.3)
      actionpack (= 5.2.4.3)
      actionview (= 5.2.4.3)
      activejob (= 5.2.4.3)
      activemodel (= 5.2.4.3)
      activerecord (= 5.2.4.3)
      activestorage (= 5.2.4.3)
      activesupport (= 5.2.4.3)
      bundler (>= 1.3.0)
      railties (= 5.2.4.3)
      sprockets-rails (>= 2.0.0)
    rails-dom-testing (2.0.3)
      activesupport (>= 4.2.0)
      nokogiri (>= 1.6)
    rails-html-sanitizer (1.3.0)
      loofah (~> 2.3)
    rails_12factor (0.0.3)
      rails_serve_static_assets
      rails_stdout_logging
    rails_serve_static_assets (0.0.5)
    rails_stdout_logging (0.0.5)
    railties (5.2.4.3)
      actionpack (= 5.2.4.3)
      activesupport (= 5.2.4.3)
      method_source
      rake (>= 0.8.7)
      thor (>= 0.19.0, < 2.0)
    rainbow (3.0.0)
    rake (13.0.1)
    ransack (2.1.1)
      actionpack (>= 5.0)
      activerecord (>= 5.0)
      activesupport (>= 5.0)
      i18n
    rb-fsevent (0.10.4)
    rb-inotify (0.10.1)
      ffi (~> 1.0)
    request_store (1.5.0)
      rack (>= 1.4)
    responders (3.0.1)
      actionpack (>= 5.0)
      railties (>= 5.0)
    ruby_dep (1.5.0)
    ruby_http_client (3.5.1)
    rubyzip (2.3.0)
    sass (3.7.4)
      sass-listen (~> 4.0.0)
    sass-listen (4.0.0)
      rb-fsevent (~> 0.9, >= 0.9.4)
      rb-inotify (~> 0.9, >= 0.9.7)
    sass-rails (5.1.0)
      railties (>= 5.2.0)
      sass (~> 3.1)
      sprockets (>= 2.8, < 4.0)
      sprockets-rails (>= 2.0, < 4.0)
      tilt (>= 1.1, < 3)
    sassc (2.4.0)
      ffi (~> 1.9)
    sassc-rails (2.1.2)
      railties (>= 4.0.0)
      sassc (>= 2.0)
      sprockets (> 3.0)
      sprockets-rails
      tilt
    select2-rails (3.5.9.1)
      thor (~> 0.14)
    selenium-webdriver (3.142.7)
      childprocess (>= 0.5, < 4.0)
      rubyzip (>= 1.2.2)
    sendgrid-ruby (6.3.4)
      ruby_http_client (~> 3.4)
    simple_form (5.0.2)
      actionpack (>= 5.0)
      activemodel (>= 5.0)
    sixarm_ruby_unaccent (1.2.0)
    sort_alphabetical (1.1.0)
      unicode_utils (>= 1.2.2)
    spree (3.7.10)
      spree_api (= 3.7.10)
      spree_backend (= 3.7.10)
      spree_cmd (= 3.7.10)
      spree_core (= 3.7.10)
      spree_frontend (= 3.7.10)
      spree_sample (= 3.7.10)
    spree_api (3.7.10)
      doorkeeper (~> 5.0)
      fast_jsonapi (~> 1.5)
      rabl (~> 0.13.1)
      spree_core (= 3.7.10)
      versioncake (~> 3.4.0)
    spree_auth_devise (3.5.2)
      devise (>= 4.4, < 4.7)
      devise-encryptable (= 0.2.0)
      spree_core (>= 3.1.0, < 4.0)
      spree_extension
    spree_backend (3.7.10)
      bootstrap-sass (~> 3.4)
      jquery-rails (~> 4.3)
      jquery-ui-rails (~> 6.0.1)
      select2-rails (= 3.5.9.1)
      spree_api (= 3.7.10)
      spree_core (= 3.7.10)
    spree_cmd (3.7.10)
      thor (~> 0.14)
    spree_core (3.7.10)
      activemerchant (~> 1.67)
      acts-as-taggable-on (~> 6.0.0)
      acts_as_list (~> 0.8)
      awesome_nested_set (~> 3.2.0)
      cancancan (~> 2.0)
      carmen (~> 1.0.0)
      deface (~> 1.0)
      ffaker (~> 2.9)
      friendly_id (~> 5.2.1)
      highline (~> 2.0.0)
      kaminari (~> 1.0.1)
      mini_magick (~> 4.9.4)
      monetize (~> 1.9)
      money (~> 6.13)
      paperclip (~> 6.1.0)
      paranoia (~> 2.4.1)
      premailer-rails
      rails (~> 5.2.4, >= 5.2.4)
      ransack (~> 2.1.1)
      responders
      sprockets (~> 3.7)
      sprockets-rails
      state_machines-activerecord (~> 0.5)
      stringex
      twitter_cldr (~> 4.3)
    spree_extension (0.0.9)
      activerecord (>= 4.2)
      spree_core
    spree_frontend (3.7.10)
      bootstrap-sass (~> 3.4)
      canonical-rails (~> 0.2.3)
      jquery-rails (~> 4.3)
      spree_api (= 3.7.10)
      spree_core (= 3.7.10)
    spree_gateway (3.7.5)
      spree_core (>= 3.1.0, < 5.0)
      spree_extension
    spree_sample (3.7.10)
      spree_core (= 3.7.10)
    spring (2.1.1)
    spring-watcher-listen (2.0.1)
      listen (>= 2.7, < 4.0)
      spring (>= 1.2, < 3.0)
    sprockets (3.7.2)
      concurrent-ruby (~> 1.0)
      rack (> 1, < 3)
    sprockets-rails (3.2.1)
      actionpack (>= 4.0)
      activesupport (>= 4.0)
      sprockets (>= 3.0.0)
    sqlite3 (1.3.13)
    state_machines (0.5.0)
    state_machines-activemodel (0.7.1)
      activemodel (>= 4.1)
      state_machines (>= 0.5.0)
    state_machines-activerecord (0.6.0)
      activerecord (>= 4.1)
      state_machines-activemodel (>= 0.5.0)
    stringex (1.3.3)
    stripe (4.7.1)
      faraday (~> 0.13)
      net-http-persistent (~> 3.0)
    terrapin (0.6.0)
      climate_control (>= 0.0.3, < 1.0)
    thor (0.20.3)
    thread_safe (0.3.6)
    tilt (2.0.10)
    turbolinks (5.2.1)
      turbolinks-source (~> 5.2)
    turbolinks-source (5.2.0)
    twitter_cldr (4.4.5)
      camertron-eprun
      cldr-plurals-runtime-rb (~> 1.0)
      tzinfo
    tzinfo (1.2.7)
      thread_safe (~> 0.1)
    uglifier (4.2.0)
      execjs (>= 0.3.0, < 3)
    unicode_utils (1.4.0)
    versioncake (3.4.0)
      actionpack (>= 3.2)
      activesupport (>= 3.2)
      railties (>= 3.2)
      tzinfo
    warden (1.2.9)
      rack (>= 2.0.9)
    web-console (3.7.0)
      actionview (>= 5.0)
      activemodel (>= 5.0)
      bindex (>= 0.4.0)
      railties (>= 5.0)
    websocket-driver (0.7.3)
      websocket-extensions (>= 0.1.0)
    websocket-extensions (0.1.5)
    xpath (3.2.0)
      nokogiri (~> 1.8)

PLATFORMS
  ruby

DEPENDENCIES
  activeadmin
  activestorage-validator
  acts_as_follower!
  aws-sdk-s3
  bootstrap (~> 5.0.0.alpha1)
  byebug
  cancancan (~> 2.0)
  capybara (~> 2.13)
  cocoon
  coffee-rails (~> 4.2)
  country_select (~> 3.1)
  devise
  emoji
  figaro
  gon
  has_scope
  jbuilder (~> 2.5)
  jquery-rails
  kaminari
  libv8
  listen (>= 3.0.5, < 3.2)
  make_permalink (~> 0.2.0)
  mini_magick
  mini_racer
  omniauth-stripe-connect
  pg (~> 0.18.3)
  puma (~> 3.7)
  puma_worker_killer
  rails (~> 5.2.2)
  rails_12factor
  sass-rails (~> 5.0)
  selenium-webdriver
  sendgrid-ruby
  simple_form
  spree (~> 3.7.0)
  spree_auth_devise (~> 3.5)
  spree_gateway (~> 3.4)
  spree_multi_vendor!
  spring
  spring-watcher-listen (~> 2.0.0)
  sqlite3 (~> 1.3.6)
  stripe (~> 4.7.0)
  turbolinks (~> 5)
  tzinfo-data
  uglifier (>= 1.3.0)
  web-console (>= 3.3.0)

RUBY VERSION
   ruby 2.4.0p0

BUNDLED WITH
   2.0.2
